PATH
  remote: .
  specs:
    mongo_griffin (0.1.0)
      activesupport (>= 2.3.5)
      nokogiri
      riddle

GEM
  remote: http://rubygems.org/
  specs:
    activesupport (2.3.9)
    bson (1.0.9)
    bson_ext (1.1)
    columnize (0.3.1)
    durran-validatable (2.0.1)
    linecache (0.43)
    mongo (1.0.9)
      bson (>= 1.0.5)
    mongoid (1.9.2)
      activesupport (< 3.0.0)
      bson (~> 1.0.1)
      durran-validatable (>= 2.0.1)
      mongo (~> 1.0.1)
      will_paginate (< 2.9)
    nokogiri (1.4.3.1)
    riddle (1.1.0)
    ruby-debug (0.10.3)
      columnize (>= 0.1)
      ruby-debug-base (~> 0.10.3.0)
    ruby-debug-base (0.10.3)
      linecache (>= 0.3)
    shoulda (2.11.3)
    will_paginate (2.3.15)
    yard (0.6.1)

PLATFORMS
  ruby

DEPENDENCIES
  activesupport (>= 2.3.5)
  bson_ext
  mongo_griffin!
  mongoid
  nokogiri
  riddle
  ruby-debug
  shoulda
  yard
